GEM
  remote: https://rubygems.org/
  specs:
    net-http-persistent (1.9)
    rdf (1.1.6)
    sparql-client (1.1.3)
      net-http-persistent (~> 1.4)
      rdf (~> 1.1)

PLATFORMS
  ruby

DEPENDENCIES
  sparql-client (= 1.1.3)
